GIT
  remote: git://github.com/seamusabshere/scriptaculous_slider.git
  revision: e23dafc0f511f8a3d7a1337905d5b899427a00b6
  specs:
    scriptaculous_slider (1.2.0)

GIT
  remote: git@github.com:CTMissionofMercy/restful-authentication.git
  revision: abd6ad14d99ea71d3fc6f35e3e62e0f8454f5a27
  specs:
    restful-authentication (1.1.1)

GEM
  remote: http://rubygems.org/
  specs:
    aaronh-chronic (0.3.9)
    actionmailer (2.3.11)
      actionpack (= 2.3.11)
    actionpack (2.3.11)
      activesupport (= 2.3.11)
      rack (~> 1.1.0)
    activerecord (2.3.11)
      activesupport (= 2.3.11)
    activeresource (2.3.11)
      activesupport (= 2.3.11)
    activesupport (2.3.11)
    contest (0.1.2)
    faker (0.9.5)
      i18n (~> 0.4)
    fastercsv (1.5.4)
    haml (3.0.25)
    i18n (0.5.0)
    pg (0.9.0)
    rack (1.1.2)
    rails (2.3.11)
      actionmailer (= 2.3.11)
      actionpack (= 2.3.11)
      activerecord (= 2.3.11)
      activeresource (= 2.3.11)
      activesupport (= 2.3.11)
      rake (>= 0.8.3)
    rake (0.8.7)
    test-unit (2.2.0)
    whenever (0.6.7)
      aaronh-chronic (>= 0.3.9)
      activesupport (>= 2.3.4)
    will_paginate (2.3.15)

PLATFORMS
  ruby

DEPENDENCIES
  contest
  faker (~> 0.9.5)
  fastercsv
  haml (~> 3.0)
  pg (~> 0.9.0)
  rails (~> 2.3.4)
  restful-authentication!
  scriptaculous_slider!
  test-unit
  whenever (~> 0.6.7)
  will_paginate (~> 2.3.11)
